GEM
  remote: https://rubygems.org/
  specs:
    coderay (1.1.3)
    method_source (1.0.0)
    pry (0.14.2)
      coderay (~> 1.1)
      method_source (~> 1.0)
    tk (0.5.0)
    yaml (0.2.0)

PLATFORMS
  x86_64-linux

DEPENDENCIES
  pry
  tk
  yaml

BUNDLED WITH
   2.4.6
