GIT
  remote: https://github.com/ruby/tk.git
  revision: d86254ed94ae249437bf97315f68c46ea04d5388
  specs:
    tk (0.4.0)

GEM
  remote: https://rubygems.org/
  specs:
    coderay (1.1.3)
    method_source (1.0.0)
    pry (0.14.2)
      coderay (~> 1.1)
      method_source (~> 1.0)
    yaml (0.2.0)

PLATFORMS
  x86_64-linux

DEPENDENCIES
  pry
  tk!
  yaml

BUNDLED WITH
   2.4.6
